{
  "AcquisitionMatrixPE": 64,
  "AcquisitionNumber": 1,
  "AcquisitionTime": "08:50:52.885000",
  "BaseResolution": 64,
  "ConversionSoftware": "dcm2niix",
  "ConversionSoftwareVersion": "v1.0.20190410  GCC6.3.0",
  "DeviceSerialNumber": "18011",
  "EchoTime": 0.03,
  "FlipAngle": 90,
  "ImageComments": "Fake_MoCo_Reference_Volume_+_DiCo_Applied",
  "ImageOrientationPatientDICOM": [1, 0, -1.38778e-17, 0, 0.983255, -0.182236],
  "ImageType": [
    "ORIGINAL",
    "PRIMARY",
    "M",
    "ND",
    "DICO",
    "MOSAIC"
],
  "ImagingFrequency": 168.255,
  "InPlanePhaseEncodingDirectionDICOM": "COL",
  "MRAcquisitionType": "2D",
  "MagneticFieldStrength": 3.95064,
  "Manufacturer": "Siemens",
  "ManufacturersModelName": "Trio",
  "Modality": "MR",
  "PartialFourier": 1,
  "PatientPosition": "HFS",
  "PercentPhaseFOV": 100,
  "PhaseEncodingDirection": "j-",
  "PhaseEncodingSteps": 64,
  "PhaseResolution": 1,
  "PixelBandwidth": 2790,
  "ProcedureStepDescription": "Research_fMRI",
  "ProtocolName": "Nback_dc_opt",
  "PulseSequenceDetails": "%CustomerSeq%_kt_ep2d_bold_dc",
  "ReceiveCoilName": "TEM_Head",
  "ReconMatrixPE": 64,
  "RepetitionTime": 2.1,
  "SAR": 0.0903866,
  "ScanOptions": "FS",
  "ScanningSequence": "SE_EP",
  "SequenceName": "epfid2d1_64",
  "SequenceVariant": "SK",
  "SeriesDescription": "Nback_dc_opt_DiCo",
  "SeriesNumber": 7,
  "ShimSetting": [8, 18, 47, 2041, 2171, -9999, 7629, -256],
  "SliceThickness": 3,
  "SoftwareVersions": "syngo_MR_2004A_4VA25A",
  "SpacingBetweenSlices": 3.6,
  "StationName": "WES4T",
  "TaskName": "nback",
  "TxRefAmp": 202.137}