{
  "AcquisitionMatrixPE": 64,
  "AcquisitionNumber": 1,
  "AcquisitionTime": "10:39:3.307490",
  "BaseResolution": 64,
  "ConversionSoftware": "dcm2niix",
  "ConversionSoftwareVersion": "v1.0.20190410  GCC6.3.0",
  "DeviceSerialNumber": "18011",
  "EchoTime": 0.03,
  "FlipAngle": 90,
  "ImageComments": "Fake_MoCo_Reference_Volume_+_DiCo_Applied",
  "ImageOrientationPatientDICOM": [1, 0, 2.77556e-17, 0, 0.907044, -0.421036],
  "ImageType": [
    "ORIGINAL",
    "PRIMARY",
    "M",
    "ND",
    "DICO",
    "MOSAIC"
],
  "ImagingFrequency": 168.255,
  "InPlanePhaseEncodingDirectionDICOM": "COL",
  "MRAcquisitionType": "2D",
  "MagneticFieldStrength": 3.95064,
  "Manufacturer": "Siemens",
  "ManufacturersModelName": "MedSpec_4T",
  "Modality": "MR",
  "PartialFourier": 1,
  "PatientPosition": "HFS",
  "PercentPhaseFOV": 100,
  "PhaseEncodingDirection": "j-",
  "PhaseEncodingSteps": 64,
  "PhaseResolution": 1,
  "PixelBandwidth": 2790,
  "ProcedureStepDescription": "Research_fMRI",
  "ProtocolName": "mz_bold_dc_REST",
  "PulseSequenceDetails": "%CustomerSeq%_mz_ep2d_bold_dc",
  "ReceiveCoilName": "Head",
  "ReconMatrixPE": 64,
  "RepetitionTime": 2.1,
  "SAR": 0.0874726,
  "ScanOptions": "FS",
  "ScanningSequence": "SE_EP",
  "SequenceName": "epfid2d1_64",
  "SequenceVariant": "SK",
  "SeriesDescription": "mz_bold_dc_REST_DiCo",
  "SeriesNumber": 10,
  "ShimSetting": [19, 17, 26, 1601, 549, -2522, 1774, -273],
  "SliceThickness": 3,
  "SoftwareVersions": "syngo_MR_2004A_4VA25A",
  "SpacingBetweenSlices": 3.6,
  "StationName": "WES4T",
  "TaskName": "rest",
  "TxRefAmp": 191.329}