{
  "AcquisitionMatrixPE":  64,
  "AcquisitionNumber":  1,
  "AcquisitionTime":"12:45:59.169990",
  "BaseResolution":  64,
  "ConversionSoftware":"dcm2niix",
  "ConversionSoftwareVersion":"v1.0.20190410  GCC6.3.0",
  "DeviceSerialNumber":"18011",
  "EchoTime":  0.03,
  "FlipAngle":  90,
  "ImageComments":"Fake_MoCo_Reference_Volume_+_DiCo_Applied",
  "ImageOrientationPatientDICOM":[
    1,
    3.5991e-05,
    0.000111494,
    1.946e-08,
    0.951594,
    -0.307357
  ],
  "ImageType":[
"ORIGINAL",
"PRIMARY",
"M",
"ND",
"DICO",
"MOSAIC"
  ],
  "ImagingFrequency":  168.255,
  "InPlanePhaseEncodingDirectionDICOM":"COL",
  "MRAcquisitionType":"2D",
  "MagneticFieldStrength":  3.95064,
  "Manufacturer":"Siemens",
  "ManufacturersModelName":"MedSpec_4T",
  "Modality":"MR",
  "PartialFourier":  1,
  "PatientPosition":"HFS",
  "PercentPhaseFOV":  100,
  "PhaseEncodingDirection":"j-",
  "PhaseEncodingSteps":  64,
  "PhaseResolution":  1,
  "PixelBandwidth":  2790,
  "ProcedureStepDescription":"Research_fMRI",
  "ProtocolName":"Nback_dc_opt",
  "PulseSequenceDetails":"%CustomerSeq%_kt_ep2d_bold_dc",
  "ReceiveCoilName":"Head",
  "ReconMatrixPE":  64,
  "RepetitionTime":  2.1,
  "SAR":  0.107488,
  "ScanOptions":"FS",
  "ScanningSequence":"SE_EP",
  "SequenceName":"epfid2d1_64",
  "SequenceVariant":"SK",
  "SeriesDescription":"Nback_dc_opt_DiCo",
  "SeriesNumber":  6,
  "ShimSetting":[
    6,
    5,
    41,
    2171,
    330,
    -2239,
    2678,
    202
  ],
  "SliceThickness":  3,
  "SoftwareVersions":"syngo_MR_2004A_4VA25A",
  "SpacingBetweenSlices":  3.6,
  "StationName":"WES4T",
  "TaskName":"nback",
  "TxRefAmp":  218.445,
  "SliceTiming":[
    0,
    0.116666667,
    0.233333333,
    0.35,
    0.466666667,
    0.583333333,
    0.7,
    0.816666667,
    0.933333333,
    1.05,
    1.166666667,
    1.283333333,
    1.4,
    1.516666667,
    1.633333333,
    1.75,
    1.866666667,
    1.983333333,
    0.058333333,
    0.175,
    0.291666667,
    0.408333333,
    0.525,
    0.641666667,
    0.758333333,
    0.875,
    0.991666667,
    1.108333333,
    1.225,
    1.341666667,
    1.458333333,
    1.575,
    1.691666667,
    1.808333333,
    1.925,
    2.041666667
  ]
}
