{
  "AcquisitionMatrixPE":  64,
  "AcquisitionNumber":  1,
  "AcquisitionTime":"13:29:10.074980",
  "BaseResolution":  64,
  "ConversionSoftware":"dcm2niix",
  "ConversionSoftwareVersion":"v1.0.20190410  GCC6.3.0",
  "DeviceSerialNumber":"18011",
  "EchoTime":  0.03,
  "FlipAngle":  90,
  "ImageComments":"Fake_MoCo_Reference_Volume_+_DiCo_Applied",
  "ImageOrientationPatientDICOM":[
    1,
    2.22045e-16,
    2.77556e-17,
    -2.22045e-16,
    0.964557,
    -0.263873
  ],
  "ImageType":[
"ORIGINAL",
"PRIMARY",
"M",
"ND",
"DICO",
"MOSAIC"
  ],
  "ImagingFrequency":  168.255,
  "InPlanePhaseEncodingDirectionDICOM":"COL",
  "MRAcquisitionType":"2D",
  "MagneticFieldStrength":  3.95064,
  "Manufacturer":"Siemens",
  "ManufacturersModelName":"MedSpec_4T",
  "Modality":"MR",
  "PartialFourier":  1,
  "PatientPosition":"HFS",
  "PercentPhaseFOV":  100,
  "PhaseEncodingDirection":"j-",
  "PhaseEncodingSteps":  64,
  "PhaseResolution":  1,
  "PixelBandwidth":  2790,
  "ProcedureStepDescription":"Research_fMRI",
  "ProtocolName":"mz_bold_dc_REST",
  "PulseSequenceDetails":"%CustomerSeq%_mz_ep2d_bold_dc",
  "ReceiveCoilName":"Head",
  "ReconMatrixPE":  64,
  "RepetitionTime":  2.1,
  "SAR":  0.0925823,
  "ScanOptions":"FS",
  "ScanningSequence":"SE_EP",
  "SequenceName":"epfid2d1_64",
  "SequenceVariant":"SK",
  "SeriesDescription":"mz_bold_dc_REST_DiCo",
  "SeriesNumber":  9,
  "ShimSetting":[
    9,
    -3,
    -18,
    1598,
    -89,
    -2792,
    2897,
    109
  ],
  "SliceThickness":  3,
  "SoftwareVersions":"syngo_MR_2004A_4VA25A",
  "SpacingBetweenSlices":  3.6,
  "StationName":"WES4T",
  "TaskName":"rest",
  "TxRefAmp":  178.911,
  "SliceTiming":[
    0,
    1.04999997711182,
    0.0583333320617676,
    1.10833330917358,
    0.116666664123535,
    1.16666664123535,
    0.174999996185303,
    1.22499997329712,
    0.23333332824707,
    1.28333330535889,
    0.291666660308838,
    1.34166663742065,
    0.349999992370605,
    1.39999996948242,
    0.408333324432373,
    1.45833330154419,
    0.466666656494141,
    1.51666663360596,
    0.524999988555908,
    1.57499996566772,
    0.583333320617676,
    1.63333329772949,
    0.641666652679443,
    1.69166662979126,
    0.699999984741211,
    1.74999996185303,
    0.758333316802979,
    1.80833329391479,
    0.816666648864746,
    1.86666662597656,
    0.874999980926514,
    1.92499995803833,
    0.933333312988281,
    1.9833332901001,
    0.991666645050049,
    2.04166662216187
  ]
}
