{
  "AcquisitionMatrixPE": 256,
  "AcquisitionNumber": 1,
  "AcquisitionTime": "12:18:8.927510",
  "BaseResolution": 256,
  "ConversionSoftware": "dcm2niix",
  "ConversionSoftwareVersion": "v1.0.20190410  GCC6.3.0",
  "DeviceSerialNumber": "18011",
  "EchoTime": 0.00393,
  "FlipAngle": 15,
  "ImageOrientationPatientDICOM": [1, 0, 0, 0, 0, -1],
  "ImageType": [
    "ORIGINAL",
    "PRIMARY",
    "M",
    "ND"
],
  "ImagingFrequency": 168.251,
  "InPlanePhaseEncodingDirectionDICOM": "ROW",
  "InstitutionAddress": "StreetNoStreet_City_District_ZIP_Country",
  "InstitutionName": "UQ",
  "InversionTime": 1.1,
  "MRAcquisitionType": "3D",
  "MagneticFieldStrength": 3.95064,
  "Manufacturer": "Siemens",
  "ManufacturersModelName": "MedSpec_4T",
  "Modality": "MR",
  "PartialFourier": 0.75,
  "PatientPosition": "HFS",
  "PercentPhaseFOV": 100,
  "PhaseEncodingSteps": 192,
  "PhaseResolution": 1,
  "PixelBandwidth": 130,
  "ProtocolName": "t1_mpr_cmr_cor",
  "PulseSequenceDetails": "%SiemensSeq%_tfl",
  "ReceiveCoilName": "Head_4T",
  "ReconMatrixPE": 256,
  "RepetitionTime": 2.5,
  "SAR": 0.00389748,
  "ScanOptions": "IR",
  "ScanningSequence": "IR_GR",
  "SequenceName": "tfl3d1_ns",
  "SequenceVariant": "SP_MP",
  "SeriesDescription": "t1_mpr_cmr_cor",
  "SeriesNumber": 8,
  "ShimSetting": [-11, -23, 160, 1055, 2304, -1702, 2014, 850],
  "SliceThickness": 0.9,
  "SoftwareVersions": "syngo_MR_2002B_4VA21A",
  "StationName": "wes4T",
  "TxRefAmp": 182.309}