{
  "AcquisitionMatrixPE": 64,
  "AcquisitionNumber": 1,
  "AcquisitionTime": "18:50:58.930020",
  "BaseResolution": 64,
  "ConversionSoftware": "dcm2niix",
  "ConversionSoftwareVersion": "v1.0.20190410  GCC6.3.0",
  "DeviceSerialNumber": "18011",
  "EchoTime": 0.03,
  "FlipAngle": 90,
  "ImageComments": "Fake_MoCo_Reference_Volume_+_DiCo_Applied",
  "ImageOrientationPatientDICOM": [
    1,
    0,
    0,
    0,
    1,
    0
  ],
  "ImageType": [
    "ORIGINAL",
    "PRIMARY",
    "M",
    "ND",
    "MOSAIC"
  ],
  "ImagingFrequency": 168.255,
  "InPlanePhaseEncodingDirectionDICOM": "COL",
  "MRAcquisitionType": "2D",
  "MagneticFieldStrength": 3.95064,
  "Manufacturer": "Siemens",
  "ManufacturersModelName": "MedSpec_4T",
  "Modality": "MR",
  "PartialFourier": 1,
  "PatientPosition": "HFS",
  "PercentPhaseFOV": 100,
  "PhaseEncodingDirection": "j-",
  "PhaseEncodingSteps": 64,
  "PhaseResolution": 1,
  "PixelBandwidth": 2790,
  "ProtocolName": "Nback_dc_opt",
  "PulseSequenceDetails": "%CustomerSeq%_kt_ep2d_bold_dc",
  "ReceiveCoilName": "Head_4T",
  "ReconMatrixPE": 64,
  "RepetitionTime": 2.1,
  "SAR": 0.0306799,
  "ScanOptions": "FS",
  "ScanningSequence": "SE_EP",
  "SequenceName": "epfid2d1_64",
  "SequenceVariant": "SK",
  "SeriesDescription": "Nback_dc_opt_DiCo",
  "SeriesNumber": 7,
  "ShimSetting": [
    20,
    -6,
    12,
    1832,
    1043,
    -3605,
    2375,
    76
  ],
  "SliceThickness": 3,
  "SoftwareVersions": "syngo_MR_2002B_4VA21A",
  "SpacingBetweenSlices": 3.6,
  "StationName": "wes4T",
  "TaskName": "nback",
  "TxRefAmp": 213.103,
  "TotalReadoutTime": 1
}
