{
  "AcquisitionMatrixPE": 225,
  "AcquisitionNumber": 1,
  "AcquisitionTime": "09:22:49.545020",
  "BaseResolution": 256,
  "ConversionSoftware": "dcm2niix",
  "ConversionSoftwareVersion": "v1.0.20190410  GCC6.3.0",
  "DeviceSerialNumber": "18011",
  "EchoTime": 0.00335,
  "FlipAngle": 8,
  "ImageOrientationPatientDICOM": [1, 0, 0, 0, 0, -1],
  "ImageType": [
    "ORIGINAL",
    "PRIMARY",
    "M",
    "ND"
],
  "ImagingFrequency": 168.217,
  "InPlanePhaseEncodingDirectionDICOM": "ROW",
  "InversionTime": 0.7,
  "MRAcquisitionType": "3D",
  "MagneticFieldStrength": 3.95064,
  "Manufacturer": "Siemens",
  "ManufacturersModelName": "MedSpec_4T",
  "Modality": "MR",
  "PartialFourier": 0.875,
  "PatientPosition": "HFS",
  "PercentPhaseFOV": 100,
  "PhaseEncodingSteps": 197,
  "PhaseResolution": 0.878906,
  "PixelBandwidth": 200,
  "ProtocolName": "t1_mpr_cor",
  "PulseSequenceDetails": "%SiemensSeq%_tfl",
  "ReceiveCoilName": "Head_4T",
  "ReconMatrixPE": 256,
  "RepetitionTime": 1.5,
  "SAR": 0.00572736,
  "ScanOptions": "IR",
  "ScanningSequence": "IR_GR",
  "SequenceName": "tfl3d1_ns",
  "SequenceVariant": "SP_MP",
  "SeriesDescription": "t1_mpr_cor",
  "SeriesNumber": 9,
  "ShimSetting": [-24, -32, -36, 1131, 1, -3444, 2114, 754],
  "SliceThickness": 0.9,
  "SoftwareVersions": "syngo_MR_2002B_4VA21A",
  "StationName": "wes4T",
  "TxRefAmp": 166.338}