{
  "AcquisitionMatrixPE": 225,
  "AcquisitionNumber": 1,
  "AcquisitionTime": "02:47:33.587510",
  "BaseResolution": 256,
  "ConversionSoftware": "dcm2niix",
  "ConversionSoftwareVersion": "v1.0.20190410  GCC6.3.0",
  "DeviceSerialNumber": "18011",
  "EchoTime": 0.00335,
  "FlipAngle": 8,
  "ImageOrientationPatientDICOM": [1, 0, 0, 0, 0, -1],
  "ImageType": [
    "ORIGINAL",
    "PRIMARY",
    "M",
    "ND"
],
  "ImagingFrequency": 168.255,
  "InPlanePhaseEncodingDirectionDICOM": "ROW",
  "InversionTime": 0.7,
  "MRAcquisitionType": "3D",
  "MagneticFieldStrength": 3.95064,
  "Manufacturer": "Siemens",
  "ManufacturersModelName": "MedSpec_4T",
  "Modality": "MR",
  "PartialFourier": 0.875,
  "PatientPosition": "HFS",
  "PercentPhaseFOV": 100,
  "PhaseEncodingSteps": 197,
  "PhaseResolution": 0.878906,
  "PixelBandwidth": 200,
  "ProtocolName": "t1_mpr_cor",
  "PulseSequenceDetails": "%SiemensSeq%_tfl",
  "ReceiveCoilName": "Head_4T",
  "ReconMatrixPE": 256,
  "RepetitionTime": 1.5,
  "SAR": 0.00437173,
  "ScanOptions": "IR",
  "ScanningSequence": "IR_GR",
  "SequenceName": "tfl3d1_ns",
  "SequenceVariant": "SP_MP",
  "SeriesDescription": "t1_mpr_cor",
  "SeriesNumber": 8,
  "ShimSetting": [25, 0, 26, 1059, 327, -3562, 1802, -157],
  "SliceThickness": 0.9,
  "SoftwareVersions": "syngo_MR_2002B_4VA21A",
  "StationName": "wes4T",
  "TxRefAmp": 194.034}