{
  "AcquisitionMatrixPE": 225,
  "AcquisitionNumber": 1,
  "AcquisitionTime": "10:17:38.835000",
  "BaseResolution": 256,
  "ConversionSoftware": "dcm2niix",
  "ConversionSoftwareVersion": "v1.0.20190410  GCC6.3.0",
  "DeviceSerialNumber": "18011",
  "EchoTime": 0.00335,
  "FlipAngle": 8,
  "ImageOrientationPatientDICOM": [0, 1, 0, 0, 0, -1],
  "ImageType": [
    "ORIGINAL",
    "PRIMARY",
    "M",
    "ND"
],
  "ImagingFrequency": 168.255,
  "InPlanePhaseEncodingDirectionDICOM": "ROW",
  "InversionTime": 0.7,
  "MRAcquisitionType": "3D",
  "MagneticFieldStrength": 3.95064,
  "Manufacturer": "Siemens",
  "ManufacturersModelName": "MedSpec_4T",
  "Modality": "MR",
  "PartialFourier": 0.875,
  "PatientPosition": "HFS",
  "PercentPhaseFOV": 100,
  "PhaseEncodingSteps": 197,
  "PhaseResolution": 0.878906,
  "PixelBandwidth": 200,
  "ProcedureStepDescription": "Research_fMRI",
  "ProtocolName": "t1_mpr_sag",
  "PulseSequenceDetails": "%SiemensSeq%_tfl",
  "ReceiveCoilName": "Head",
  "ReconMatrixPE": 256,
  "RepetitionTime": 1.5,
  "SAR": 0.0593846,
  "ScanOptions": "IR",
  "ScanningSequence": "IR_GR",
  "SequenceName": "tfl3d1_ns",
  "SequenceVariant": "SP_MP",
  "SeriesDescription": "t1_mpr_sag",
  "SeriesNumber": 2,
  "ShimSetting": [43, 8, 29, 1956, 1443, -3588, 2537, -93],
  "SliceThickness": 0.9,
  "SoftwareVersions": "syngo_MR_2004A_4VA25A",
  "StationName": "WES4T",
  "TxRefAmp": 191.046}