{
  "AcquisitionMatrixPE": 64,
  "AcquisitionNumber": 1,
  "AcquisitionTime": "09:55:47.540000",
  "BaseResolution": 64,
  "ConversionSoftware": "dcm2niix",
  "ConversionSoftwareVersion": "v1.0.20190410  GCC6.3.0",
  "DeviceSerialNumber": "18011",
  "EchoTime": 0.03,
  "FlipAngle": 90,
  "ImageComments": "Fake_MoCo_Reference_Volume_+_DiCo_Applied",
  "ImageOrientationPatientDICOM": [
    1,
    2.22045e-16,
    0,
    -2.22045e-16,
    0.985703,
    -0.168489
  ],
  "ImageType": [
    "ORIGINAL",
    "PRIMARY",
    "M",
    "ND",
    "DICO",
    "MOSAIC"
  ],
  "ImagingFrequency": 168.255,
  "InPlanePhaseEncodingDirectionDICOM": "COL",
  "MRAcquisitionType": "2D",
  "MagneticFieldStrength": 3.95064,
  "Manufacturer": "Siemens",
  "ManufacturersModelName": "MedSpec_4T",
  "Modality": "MR",
  "PartialFourier": 1,
  "PatientPosition": "HFS",
  "PercentPhaseFOV": 100,
  "PhaseEncodingDirection": "j-",
  "PhaseEncodingSteps": 64,
  "PhaseResolution": 1,
  "PixelBandwidth": 2790,
  "ProcedureStepDescription": "Research_fMRI",
  "ProtocolName": "Nback_dc_opt",
  "PulseSequenceDetails": "%CustomerSeq%_kt_ep2d_bold_dc",
  "ReceiveCoilName": "Head",
  "ReconMatrixPE": 64,
  "RepetitionTime": 2.1,
  "SAR": 0.0749201,
  "ScanOptions": "FS",
  "ScanningSequence": "SE_EP",
  "SequenceName": "epfid2d1_64",
  "SequenceVariant": "SK",
  "SeriesDescription": "Nback_dc_opt_DiCo",
  "SeriesNumber": 8,
  "ShimSetting": [
    -22,
    -8,
    25,
    1726,
    766,
    -3068,
    2862,
    147
  ],
  "SliceThickness": 3,
  "SoftwareVersions": "syngo_MR_2004A_4VA25A",
  "SpacingBetweenSlices": 3.6,
  "StationName": "WES4T",
  "TaskName": "nback",
  "TxRefAmp": 165.33,
  "TotalReadoutTime": 1
}
